GEM
  remote: https://rubygems.org/
  specs:
    flog (4.6.1)
      path_expander (~> 1.0)
      ruby_parser (~> 3.1, > 3.1.0)
      sexp_processor (~> 4.8)
    path_expander (1.0.2)
    ruby_parser (3.10.1)
      sexp_processor (~> 4.9)
    sexp_processor (4.10.0)

PLATFORMS
  ruby

DEPENDENCIES
  flog

RUBY VERSION
   ruby 2.4.0p0

BUNDLED WITH
   1.15.3
